STORAGE: NONE
STRATEGY: MIN
RESTRICTION: == netstandard2.0
NUGET
  remote: https://api.nuget.org/v3/index.json
    FSharp.Core (4.3.4)
    Libuv (1.10)
      Microsoft.NETCore.Platforms (>= 1.0.1)
    Microsoft.AspNetCore (2.0)
      Microsoft.AspNetCore.Diagnostics (>= 2.0)
      Microsoft.AspNetCore.Hosting (>= 2.0)
      Microsoft.AspNetCore.Routing (>= 2.0)
      Microsoft.AspNetCore.Server.IISIntegration (>= 2.0)
      Microsoft.AspNetCore.Server.Kestrel (>= 2.0)
      Microsoft.AspNetCore.Server.Kestrel.Https (>= 2.0)
      Microsoft.Extensions.Configuration.CommandLine (>= 2.0)
      Microsoft.Extensions.Configuration.EnvironmentVariables (>= 2.0)
      Microsoft.Extensions.Configuration.FileExtensions (>= 2.0)
      Microsoft.Extensions.Configuration.Json (>= 2.0)
      Microsoft.Extensions.Configuration.UserSecrets (>= 2.0)
      Microsoft.Extensions.Logging (>= 2.0)
      Microsoft.Extensions.Logging.Configuration (>= 2.0)
      Microsoft.Extensions.Logging.Console (>= 2.0)
      Microsoft.Extensions.Logging.Debug (>= 2.0)
    Microsoft.AspNetCore.Authentication.Abstractions (2.0)
      Microsoft.AspNetCore.Http.Abstractions (>= 2.0)
      Microsoft.Extensions.Logging.Abstractions (>= 2.0)
      Microsoft.Extensions.Options (>= 2.0)
    Microsoft.AspNetCore.Authentication.Core (2.0)
      Microsoft.AspNetCore.Authentication.Abstractions (>= 2.0)
      Microsoft.AspNetCore.Http (>= 2.0)
      Microsoft.AspNetCore.Http.Extensions (>= 2.0)
    Microsoft.AspNetCore.Diagnostics (2.0)
      Microsoft.AspNetCore.Diagnostics.Abstractions (>= 2.0)
      Microsoft.AspNetCore.Hosting.Abstractions (>= 2.0)
      Microsoft.AspNetCore.Http.Extensions (>= 2.0)
      Microsoft.AspNetCore.WebUtilities (>= 2.0)
      Microsoft.Extensions.FileProviders.Physical (>= 2.0)
      Microsoft.Extensions.Logging.Abstractions (>= 2.0)
      Microsoft.Extensions.Options (>= 2.0)
      System.Diagnostics.DiagnosticSource (>= 4.4.1)
      System.Reflection.Metadata (>= 1.5)
    Microsoft.AspNetCore.Diagnostics.Abstractions (2.0)
    Microsoft.AspNetCore.Hosting (2.0)
      Microsoft.AspNetCore.Hosting.Abstractions (>= 2.0)
      Microsoft.AspNetCore.Hosting.Server.Abstractions (>= 2.0)
      Microsoft.AspNetCore.Http (>= 2.0)
      Microsoft.AspNetCore.Http.Extensions (>= 2.0)
      Microsoft.Extensions.Configuration (>= 2.0)
      Microsoft.Extensions.Configuration.EnvironmentVariables (>= 2.0)
      Microsoft.Extensions.Configuration.FileExtensions (>= 2.0)
      Microsoft.Extensions.DependencyInjection (>= 2.0)
      Microsoft.Extensions.FileProviders.Physical (>= 2.0)
      Microsoft.Extensions.Logging (>= 2.0)
      Microsoft.Extensions.Options (>= 2.0)
      System.Diagnostics.DiagnosticSource (>= 4.4.1)
      System.Reflection.Metadata (>= 1.5)
    Microsoft.AspNetCore.Hosting.Abstractions (2.0)
      Microsoft.AspNetCore.Hosting.Server.Abstractions (>= 2.0)
      Microsoft.AspNetCore.Http.Abstractions (>= 2.0)
      Microsoft.Extensions.Configuration.Abstractions (>= 2.0)
      Microsoft.Extensions.DependencyInjection.Abstractions (>= 2.0)
      Microsoft.Extensions.FileProviders.Abstractions (>= 2.0)
      Microsoft.Extensions.Hosting.Abstractions (>= 2.0)
      Microsoft.Extensions.Logging.Abstractions (>= 2.0)
    Microsoft.AspNetCore.Hosting.Server.Abstractions (2.0)
      Microsoft.AspNetCore.Http.Features (>= 2.0)
      Microsoft.Extensions.Configuration.Abstractions (>= 2.0)
    Microsoft.AspNetCore.Http (2.0)
      Microsoft.AspNetCore.Http.Abstractions (>= 2.0)
      Microsoft.AspNetCore.WebUtilities (>= 2.0)
      Microsoft.Extensions.ObjectPool (>= 2.0)
      Microsoft.Extensions.Options (>= 2.0)
      Microsoft.Net.Http.Headers (>= 2.0)
    Microsoft.AspNetCore.Http.Abstractions (2.0)
      Microsoft.AspNetCore.Http.Features (>= 2.0)
      System.Text.Encodings.Web (>= 4.4)
    Microsoft.AspNetCore.Http.Extensions (2.0)
      Microsoft.AspNetCore.Http.Abstractions (>= 2.0)
      Microsoft.Extensions.FileProviders.Abstractions (>= 2.0)
      Microsoft.Net.Http.Headers (>= 2.0)
      System.Buffers (>= 4.4)
    Microsoft.AspNetCore.Http.Features (2.0)
      Microsoft.Extensions.Primitives (>= 2.0)
    Microsoft.AspNetCore.HttpOverrides (2.0)
      Microsoft.AspNetCore.Http.Extensions (>= 2.0)
      Microsoft.Extensions.Logging.Abstractions (>= 2.0)
      Microsoft.Extensions.Options (>= 2.0)
    Microsoft.AspNetCore.Routing (2.0)
      Microsoft.AspNetCore.Http.Extensions (>= 2.0)
      Microsoft.AspNetCore.Routing.Abstractions (>= 2.0)
      Microsoft.Extensions.Logging.Abstractions (>= 2.0)
      Microsoft.Extensions.ObjectPool (>= 2.0)
      Microsoft.Extensions.Options (>= 2.0)
    Microsoft.AspNetCore.Routing.Abstractions (2.0)
      Microsoft.AspNetCore.Http.Abstractions (>= 2.0)
    Microsoft.AspNetCore.Server.IISIntegration (2.0)
      Microsoft.AspNetCore.Authentication.Core (>= 2.0)
      Microsoft.AspNetCore.Hosting.Abstractions (>= 2.0)
      Microsoft.AspNetCore.Http (>= 2.0)
      Microsoft.AspNetCore.Http.Extensions (>= 2.0)
      Microsoft.AspNetCore.HttpOverrides (>= 2.0)
      Microsoft.Extensions.Logging.Abstractions (>= 2.0)
      Microsoft.Extensions.Options (>= 2.0)
      System.Security.Principal.Windows (>= 4.4)
    Microsoft.AspNetCore.Server.Kestrel (2.0)
      Microsoft.AspNetCore.Hosting (>= 2.0)
      Microsoft.AspNetCore.Server.Kestrel.Core (>= 2.0)
      Microsoft.AspNetCore.Server.Kestrel.Transport.Libuv (>= 2.0)
    Microsoft.AspNetCore.Server.Kestrel.Core (2.0)
      Microsoft.AspNetCore.Hosting.Abstractions (>= 2.0)
      Microsoft.AspNetCore.Server.Kestrel.Transport.Abstractions (>= 2.0)
      Microsoft.AspNetCore.WebUtilities (>= 2.0)
      Microsoft.Extensions.Logging.Abstractions (>= 2.0)
      Microsoft.Extensions.Options (>= 2.0)
      Microsoft.Net.Http.Headers (>= 2.0)
      System.Threading.Tasks.Extensions (>= 4.4)
    Microsoft.AspNetCore.Server.Kestrel.Https (2.0)
      Microsoft.AspNetCore.Http.Abstractions (>= 2.0)
      Microsoft.AspNetCore.Server.Kestrel.Core (>= 2.0)
    Microsoft.AspNetCore.Server.Kestrel.Transport.Abstractions (2.0)
      Microsoft.AspNetCore.Http.Features (>= 2.0)
      System.Buffers (>= 4.4)
      System.Numerics.Vectors (>= 4.4)
    Microsoft.AspNetCore.Server.Kestrel.Transport.Libuv (2.0)
      Libuv (>= 1.10)
      Microsoft.AspNetCore.Hosting.Abstractions (>= 2.0)
      Microsoft.AspNetCore.Server.Kestrel.Transport.Abstractions (>= 2.0)
      Microsoft.Extensions.Logging.Abstractions (>= 2.0)
      Microsoft.Extensions.Options (>= 2.0)
    Microsoft.AspNetCore.WebUtilities (2.0)
      Microsoft.Net.Http.Headers (>= 2.0)
      System.Text.Encodings.Web (>= 4.4)
    Microsoft.CSharp (4.3)
      System.Collections (>= 4.3)
      System.Diagnostics.Debug (>= 4.3)
      System.Dynamic.Runtime (>= 4.3)
      System.Globalization (>= 4.3)
      System.Linq (>= 4.3)
      System.Linq.Expressions (>= 4.3)
      System.ObjectModel (>= 4.3)
      System.Reflection (>= 4.3)
      System.Reflection.Extensions (>= 4.3)
      System.Reflection.Primitives (>= 4.3)
      System.Reflection.TypeExtensions (>= 4.3)
      System.Resources.ResourceManager (>= 4.3)
      System.Runtime (>= 4.3)
      System.Runtime.Extensions (>= 4.3)
      System.Runtime.InteropServices (>= 4.3)
      System.Threading (>= 4.3)
    Microsoft.Extensions.Configuration (2.0)
      Microsoft.Extensions.Configuration.Abstractions (>= 2.0)
    Microsoft.Extensions.Configuration.Abstractions (2.0)
      Microsoft.Extensions.Primitives (>= 2.0)
    Microsoft.Extensions.Configuration.Binder (2.0)
      Microsoft.Extensions.Configuration (>= 2.0)
    Microsoft.Extensions.Configuration.CommandLine (2.0)
      Microsoft.Extensions.Configuration (>= 2.0)
    Microsoft.Extensions.Configuration.EnvironmentVariables (2.0)
      Microsoft.Extensions.Configuration (>= 2.0)
    Microsoft.Extensions.Configuration.FileExtensions (2.0)
      Microsoft.Extensions.Configuration (>= 2.0)
      Microsoft.Extensions.FileProviders.Physical (>= 2.0)
    Microsoft.Extensions.Configuration.Json (2.0)
      Microsoft.Extensions.Configuration (>= 2.0)
      Microsoft.Extensions.Configuration.FileExtensions (>= 2.0)
      Newtonsoft.Json (>= 10.0.1)
    Microsoft.Extensions.Configuration.UserSecrets (2.0)
      Microsoft.Extensions.Configuration.Json (>= 2.0)
    Microsoft.Extensions.DependencyInjection (2.0)
      Microsoft.Extensions.DependencyInjection.Abstractions (>= 2.0)
    Microsoft.Extensions.DependencyInjection.Abstractions (2.0)
    Microsoft.Extensions.FileProviders.Abstractions (2.0)
      Microsoft.Extensions.Primitives (>= 2.0)
    Microsoft.Extensions.FileProviders.Physical (2.0)
      Microsoft.Extensions.FileProviders.Abstractions (>= 2.0)
      Microsoft.Extensions.FileSystemGlobbing (>= 2.0)
    Microsoft.Extensions.FileSystemGlobbing (2.0)
    Microsoft.Extensions.Hosting.Abstractions (2.0)
    Microsoft.Extensions.Logging (2.0)
      Microsoft.Extensions.DependencyInjection.Abstractions (>= 2.0)
      Microsoft.Extensions.Logging.Abstractions (>= 2.0)
      Microsoft.Extensions.Options (>= 2.0)
    Microsoft.Extensions.Logging.Abstractions (2.0)
    Microsoft.Extensions.Logging.Configuration (2.0)
      Microsoft.Extensions.Logging (>= 2.0)
      Microsoft.Extensions.Options.ConfigurationExtensions (>= 2.0)
    Microsoft.Extensions.Logging.Console (2.0)
      Microsoft.Extensions.Configuration.Abstractions (>= 2.0)
      Microsoft.Extensions.Logging (>= 2.0)
    Microsoft.Extensions.Logging.Debug (2.0)
      Microsoft.Extensions.Logging (>= 2.0)
    Microsoft.Extensions.ObjectPool (2.0)
    Microsoft.Extensions.Options (2.0)
      Microsoft.Extensions.DependencyInjection.Abstractions (>= 2.0)
      Microsoft.Extensions.Primitives (>= 2.0)
    Microsoft.Extensions.Options.ConfigurationExtensions (2.0)
      Microsoft.Extensions.Configuration.Abstractions (>= 2.0)
      Microsoft.Extensions.Configuration.Binder (>= 2.0)
      Microsoft.Extensions.DependencyInjection.Abstractions (>= 2.0)
      Microsoft.Extensions.Options (>= 2.0)
    Microsoft.Extensions.Primitives (2.0)
      System.Runtime.CompilerServices.Unsafe (>= 4.4)
    Microsoft.Net.Http.Headers (2.0)
      Microsoft.Extensions.Primitives (>= 2.0)
      System.Buffers (>= 4.4)
    Microsoft.NETCore.Platforms (1.1)
    Microsoft.NETCore.Targets (1.1)
    Newtonsoft.Json (10.0.1)
      Microsoft.CSharp (>= 4.3)
      System.Collections (>= 4.3)
      System.ComponentModel.TypeConverter (>= 4.3)
      System.Diagnostics.Debug (>= 4.3)
      System.Dynamic.Runtime (>= 4.3)
      System.Globalization (>= 4.3)
      System.IO (>= 4.3)
      System.Linq (>= 4.3)
      System.Linq.Expressions (>= 4.3)
      System.ObjectModel (>= 4.3)
      System.Reflection (>= 4.3)
      System.Reflection.Extensions (>= 4.3)
      System.Resources.ResourceManager (>= 4.3)
      System.Runtime (>= 4.3)
      System.Runtime.Extensions (>= 4.3)
      System.Runtime.Numerics (>= 4.3)
      System.Runtime.Serialization.Formatters (>= 4.3)
      System.Runtime.Serialization.Primitives (>= 4.3)
      System.Text.Encoding (>= 4.3)
      System.Text.Encoding.Extensions (>= 4.3)
      System.Text.RegularExpressions (>= 4.3)
      System.Threading (>= 4.3)
      System.Threading.Tasks (>= 4.3)
      System.Xml.ReaderWriter (>= 4.3)
      System.Xml.XDocument (>= 4.3)
      System.Xml.XmlDocument (>= 4.3)
    System.Buffers (4.4)
    System.Collections (4.3)
      Microsoft.NETCore.Platforms (>= 1.1)
      Microsoft.NETCore.Targets (>= 1.1)
      System.Runtime (>= 4.3)
    System.Collections.Immutable (1.4)
    System.Collections.NonGeneric (4.3)
      System.Diagnostics.Debug (>= 4.3)
      System.Globalization (>= 4.3)
      System.Resources.ResourceManager (>= 4.3)
      System.Runtime (>= 4.3)
      System.Runtime.Extensions (>= 4.3)
      System.Threading (>= 4.3)
    System.Collections.Specialized (4.3)
      System.Collections.NonGeneric (>= 4.3)
      System.Globalization (>= 4.3)
      System.Globalization.Extensions (>= 4.3)
      System.Resources.ResourceManager (>= 4.3)
      System.Runtime (>= 4.3)
      System.Runtime.Extensions (>= 4.3)
      System.Threading (>= 4.3)
    System.ComponentModel (4.3)
      System.Runtime (>= 4.3)
    System.ComponentModel.Primitives (4.3)
      System.ComponentModel (>= 4.3)
      System.Resources.ResourceManager (>= 4.3)
      System.Runtime (>= 4.3)
    System.ComponentModel.TypeConverter (4.3)
      System.Collections (>= 4.3)
      System.Collections.NonGeneric (>= 4.3)
      System.Collections.Specialized (>= 4.3)
      System.ComponentModel (>= 4.3)
      System.ComponentModel.Primitives (>= 4.3)
      System.Globalization (>= 4.3)
      System.Linq (>= 4.3)
      System.Reflection (>= 4.3)
      System.Reflection.Extensions (>= 4.3)
      System.Reflection.Primitives (>= 4.3)
      System.Reflection.TypeExtensions (>= 4.3)
      System.Resources.ResourceManager (>= 4.3)
      System.Runtime (>= 4.3)
      System.Runtime.Extensions (>= 4.3)
      System.Threading (>= 4.3)
    System.Diagnostics.Debug (4.3)
      Microsoft.NETCore.Platforms (>= 1.1)
      Microsoft.NETCore.Targets (>= 1.1)
      System.Runtime (>= 4.3)
    System.Diagnostics.DiagnosticSource (4.4.1)
      System.Collections (>= 4.3)
      System.Diagnostics.Debug (>= 4.3)
      System.Diagnostics.Tracing (>= 4.3)
      System.Reflection (>= 4.3)
      System.Runtime (>= 4.3)
      System.Runtime.Extensions (>= 4.3)
      System.Threading (>= 4.3)
    System.Diagnostics.Tools (4.3)
      Microsoft.NETCore.Platforms (>= 1.1)
      Microsoft.NETCore.Targets (>= 1.1)
      System.Runtime (>= 4.3)
    System.Diagnostics.Tracing (4.3)
      Microsoft.NETCore.Platforms (>= 1.1)
      Microsoft.NETCore.Targets (>= 1.1)
      System.Runtime (>= 4.3)
    System.Dynamic.Runtime (4.3)
      System.Collections (>= 4.3)
      System.Diagnostics.Debug (>= 4.3)
      System.Linq (>= 4.3)
      System.Linq.Expressions (>= 4.3)
      System.ObjectModel (>= 4.3)
      System.Reflection (>= 4.3)
      System.Reflection.Emit (>= 4.3)
      System.Reflection.Emit.ILGeneration (>= 4.3)
      System.Reflection.Primitives (>= 4.3)
      System.Reflection.TypeExtensions (>= 4.3)
      System.Resources.ResourceManager (>= 4.3)
      System.Runtime (>= 4.3)
      System.Runtime.Extensions (>= 4.3)
      System.Threading (>= 4.3)
    System.Globalization (4.3)
      Microsoft.NETCore.Platforms (>= 1.1)
      Microsoft.NETCore.Targets (>= 1.1)
      System.Runtime (>= 4.3)
    System.Globalization.Extensions (4.3)
      Microsoft.NETCore.Platforms (>= 1.1)
      System.Globalization (>= 4.3)
      System.Resources.ResourceManager (>= 4.3)
      System.Runtime (>= 4.3)
      System.Runtime.Extensions (>= 4.3)
      System.Runtime.InteropServices (>= 4.3)
    System.IO (4.3)
      Microsoft.NETCore.Platforms (>= 1.1)
      Microsoft.NETCore.Targets (>= 1.1)
      System.Runtime (>= 4.3)
      System.Text.Encoding (>= 4.3)
      System.Threading.Tasks (>= 4.3)
    System.IO.FileSystem (4.3)
      Microsoft.NETCore.Platforms (>= 1.1)
      Microsoft.NETCore.Targets (>= 1.1)
      System.IO (>= 4.3)
      System.IO.FileSystem.Primitives (>= 4.3)
      System.Runtime (>= 4.3)
      System.Runtime.Handles (>= 4.3)
      System.Text.Encoding (>= 4.3)
      System.Threading.Tasks (>= 4.3)
    System.IO.FileSystem.Primitives (4.3)
      System.Runtime (>= 4.3)
    System.Linq (4.3)
      System.Collections (>= 4.3)
      System.Diagnostics.Debug (>= 4.3)
      System.Resources.ResourceManager (>= 4.3)
      System.Runtime (>= 4.3)
      System.Runtime.Extensions (>= 4.3)
    System.Linq.Expressions (4.3)
      System.Collections (>= 4.3)
      System.Diagnostics.Debug (>= 4.3)
      System.Globalization (>= 4.3)
      System.IO (>= 4.3)
      System.Linq (>= 4.3)
      System.ObjectModel (>= 4.3)
      System.Reflection (>= 4.3)
      System.Reflection.Emit (>= 4.3)
      System.Reflection.Emit.ILGeneration (>= 4.3)
      System.Reflection.Emit.Lightweight (>= 4.3)
      System.Reflection.Extensions (>= 4.3)
      System.Reflection.Primitives (>= 4.3)
      System.Reflection.TypeExtensions (>= 4.3)
      System.Resources.ResourceManager (>= 4.3)
      System.Runtime (>= 4.3)
      System.Runtime.Extensions (>= 4.3)
      System.Threading (>= 4.3)
    System.Numerics.Vectors (4.4)
    System.ObjectModel (4.3)
      System.Collections (>= 4.3)
      System.Diagnostics.Debug (>= 4.3)
      System.Resources.ResourceManager (>= 4.3)
      System.Runtime (>= 4.3)
      System.Threading (>= 4.3)
    System.Reflection (4.3)
      Microsoft.NETCore.Platforms (>= 1.1)
      Microsoft.NETCore.Targets (>= 1.1)
      System.IO (>= 4.3)
      System.Reflection.Primitives (>= 4.3)
      System.Runtime (>= 4.3)
    System.Reflection.Emit (4.3)
      System.IO (>= 4.3)
      System.Reflection (>= 4.3)
      System.Reflection.Emit.ILGeneration (>= 4.3)
      System.Reflection.Primitives (>= 4.3)
      System.Runtime (>= 4.3)
    System.Reflection.Emit.ILGeneration (4.3)
      System.Reflection (>= 4.3)
      System.Reflection.Primitives (>= 4.3)
      System.Runtime (>= 4.3)
    System.Reflection.Emit.Lightweight (4.3)
      System.Reflection (>= 4.3)
      System.Reflection.Emit.ILGeneration (>= 4.3)
      System.Reflection.Primitives (>= 4.3)
      System.Runtime (>= 4.3)
    System.Reflection.Extensions (4.3)
      Microsoft.NETCore.Platforms (>= 1.1)
      Microsoft.NETCore.Targets (>= 1.1)
      System.Reflection (>= 4.3)
      System.Runtime (>= 4.3)
    System.Reflection.Metadata (1.5)
      System.Collections.Immutable (>= 1.4)
    System.Reflection.Primitives (4.3)
      Microsoft.NETCore.Platforms (>= 1.1)
      Microsoft.NETCore.Targets (>= 1.1)
      System.Runtime (>= 4.3)
    System.Reflection.TypeExtensions (4.3)
      System.Reflection (>= 4.3)
      System.Runtime (>= 4.3)
    System.Resources.ResourceManager (4.3)
      Microsoft.NETCore.Platforms (>= 1.1)
      Microsoft.NETCore.Targets (>= 1.1)
      System.Globalization (>= 4.3)
      System.Reflection (>= 4.3)
      System.Runtime (>= 4.3)
    System.Runtime (4.3)
      Microsoft.NETCore.Platforms (>= 1.1)
      Microsoft.NETCore.Targets (>= 1.1)
    System.Runtime.CompilerServices.Unsafe (4.4)
    System.Runtime.Extensions (4.3)
      Microsoft.NETCore.Platforms (>= 1.1)
      Microsoft.NETCore.Targets (>= 1.1)
      System.Runtime (>= 4.3)
    System.Runtime.Handles (4.3)
      Microsoft.NETCore.Platforms (>= 1.1)
      Microsoft.NETCore.Targets (>= 1.1)
      System.Runtime (>= 4.3)
    System.Runtime.InteropServices (4.3)
      Microsoft.NETCore.Platforms (>= 1.1)
      Microsoft.NETCore.Targets (>= 1.1)
      System.Reflection (>= 4.3)
      System.Reflection.Primitives (>= 4.3)
      System.Runtime (>= 4.3)
      System.Runtime.Handles (>= 4.3)
    System.Runtime.Numerics (4.3)
      System.Globalization (>= 4.3)
      System.Resources.ResourceManager (>= 4.3)
      System.Runtime (>= 4.3)
      System.Runtime.Extensions (>= 4.3)
    System.Runtime.Serialization.Formatters (4.3)
      System.Collections (>= 4.3)
      System.Reflection (>= 4.3)
      System.Resources.ResourceManager (>= 4.3)
      System.Runtime (>= 4.3)
      System.Runtime.Serialization.Primitives (>= 4.3)
    System.Runtime.Serialization.Primitives (4.3)
      System.Resources.ResourceManager (>= 4.3)
      System.Runtime (>= 4.3)
    System.Security.Principal.Windows (4.4)
    System.Text.Encoding (4.3)
      Microsoft.NETCore.Platforms (>= 1.1)
      Microsoft.NETCore.Targets (>= 1.1)
      System.Runtime (>= 4.3)
    System.Text.Encoding.Extensions (4.3)
      Microsoft.NETCore.Platforms (>= 1.1)
      Microsoft.NETCore.Targets (>= 1.1)
      System.Runtime (>= 4.3)
      System.Text.Encoding (>= 4.3)
    System.Text.Encodings.Web (4.4)
    System.Text.RegularExpressions (4.3)
      System.Collections (>= 4.3)
      System.Globalization (>= 4.3)
      System.Resources.ResourceManager (>= 4.3)
      System.Runtime (>= 4.3)
      System.Runtime.Extensions (>= 4.3)
      System.Threading (>= 4.3)
    System.Threading (4.3)
      System.Runtime (>= 4.3)
      System.Threading.Tasks (>= 4.3)
    System.Threading.Tasks (4.3)
      Microsoft.NETCore.Platforms (>= 1.1)
      Microsoft.NETCore.Targets (>= 1.1)
      System.Runtime (>= 4.3)
    System.Threading.Tasks.Extensions (4.4)
    System.Xml.ReaderWriter (4.3)
      System.Collections (>= 4.3)
      System.Diagnostics.Debug (>= 4.3)
      System.Globalization (>= 4.3)
      System.IO (>= 4.3)
      System.IO.FileSystem (>= 4.3)
      System.IO.FileSystem.Primitives (>= 4.3)
      System.Resources.ResourceManager (>= 4.3)
      System.Runtime (>= 4.3)
      System.Runtime.Extensions (>= 4.3)
      System.Runtime.InteropServices (>= 4.3)
      System.Text.Encoding (>= 4.3)
      System.Text.Encoding.Extensions (>= 4.3)
      System.Text.RegularExpressions (>= 4.3)
      System.Threading.Tasks (>= 4.3)
      System.Threading.Tasks.Extensions (>= 4.3)
    System.Xml.XDocument (4.3)
      System.Collections (>= 4.3)
      System.Diagnostics.Debug (>= 4.3)
      System.Diagnostics.Tools (>= 4.3)
      System.Globalization (>= 4.3)
      System.IO (>= 4.3)
      System.Reflection (>= 4.3)
      System.Resources.ResourceManager (>= 4.3)
      System.Runtime (>= 4.3)
      System.Runtime.Extensions (>= 4.3)
      System.Text.Encoding (>= 4.3)
      System.Threading (>= 4.3)
      System.Xml.ReaderWriter (>= 4.3)
    System.Xml.XmlDocument (4.3)
      System.Collections (>= 4.3)
      System.Diagnostics.Debug (>= 4.3)
      System.Globalization (>= 4.3)
      System.IO (>= 4.3)
      System.Resources.ResourceManager (>= 4.3)
      System.Runtime (>= 4.3)
      System.Runtime.Extensions (>= 4.3)
      System.Text.Encoding (>= 4.3)
      System.Threading (>= 4.3)
      System.Xml.ReaderWriter (>= 4.3)
  remote: https://daily.websharper.com/nuget
    WebSharper (4.7.0.423)
      FSharp.Core (>= 4.2.3)
    WebSharper.FSharp (4.7.0.423)
      WebSharper (4.7.0.423)

GROUP build
STORAGE: NONE
RESTRICTION: == netstandard2.0
NUGET
  remote: https://api.nuget.org/v3/index.json
    BlackFox.VsWhere (1.1)
      FSharp.Core (>= 4.2.3)
      Microsoft.Win32.Registry (>= 4.7)
    Chessie (0.6)
      FSharp.Core (>= 4.0.1.7-alpha)
      NETStandard.Library (>= 1.6)
    Fake.Core.CommandLineParsing (5.20.3)
      FParsec (>= 1.1.1)
      FSharp.Core (>= 4.7.2)
    Fake.Core.Context (5.20.3)
      FSharp.Core (>= 4.7.2)
    Fake.Core.Environment (5.20.3)
      FSharp.Core (>= 4.7.2)
    Fake.Core.FakeVar (5.20.3)
      Fake.Core.Context (>= 5.20.3)
      FSharp.Core (>= 4.7.2)
    Fake.Core.Process (5.20.3)
      Fake.Core.Environment (>= 5.20.3)
      Fake.Core.FakeVar (>= 5.20.3)
      Fake.Core.String (>= 5.20.3)
      Fake.Core.Trace (>= 5.20.3)
      Fake.IO.FileSystem (>= 5.20.3)
      FSharp.Core (>= 4.7.2)
      System.Collections.Immutable (>= 1.7.1)
    Fake.Core.SemVer (5.20.3)
      FSharp.Core (>= 4.7.2)
    Fake.Core.String (5.20.3)
      FSharp.Core (>= 4.7.2)
    Fake.Core.Target (5.20.3)
      Fake.Core.CommandLineParsing (>= 5.20.3)
      Fake.Core.Context (>= 5.20.3)
      Fake.Core.Environment (>= 5.20.3)
      Fake.Core.FakeVar (>= 5.20.3)
      Fake.Core.Process (>= 5.20.3)
      Fake.Core.String (>= 5.20.3)
      Fake.Core.Trace (>= 5.20.3)
      FSharp.Control.Reactive (>= 4.4.2)
      FSharp.Core (>= 4.7.2)
    Fake.Core.Tasks (5.20.3)
      Fake.Core.Trace (>= 5.20.3)
      FSharp.Core (>= 4.7.2)
    Fake.Core.Trace (5.20.3)
      Fake.Core.Environment (>= 5.20.3)
      Fake.Core.FakeVar (>= 5.20.3)
      FSharp.Core (>= 4.7.2)
    Fake.Core.Xml (5.20.3)
      Fake.Core.String (>= 5.20.3)
      FSharp.Core (>= 4.7.2)
    Fake.DotNet.AssemblyInfoFile (5.20.3)
      Fake.Core.Environment (>= 5.20.3)
      Fake.Core.String (>= 5.20.3)
      Fake.Core.Trace (>= 5.20.3)
      Fake.IO.FileSystem (>= 5.20.3)
      FSharp.Core (>= 4.7.2)
    Fake.DotNet.Cli (5.20.3)
      Fake.Core.Environment (>= 5.20.3)
      Fake.Core.Process (>= 5.20.3)
      Fake.Core.String (>= 5.20.3)
      Fake.Core.Trace (>= 5.20.3)
      Fake.DotNet.MSBuild (>= 5.20.3)
      Fake.DotNet.NuGet (>= 5.20.3)
      Fake.IO.FileSystem (>= 5.20.3)
      FSharp.Core (>= 4.7.2)
      Mono.Posix.NETStandard (>= 1.0)
      Newtonsoft.Json (>= 12.0.3)
    Fake.DotNet.MSBuild (5.20.3)
      BlackFox.VsWhere (>= 1.1)
      Fake.Core.Environment (>= 5.20.3)
      Fake.Core.Process (>= 5.20.3)
      Fake.Core.String (>= 5.20.3)
      Fake.Core.Trace (>= 5.20.3)
      Fake.IO.FileSystem (>= 5.20.3)
      FSharp.Core (>= 4.7.2)
      MSBuild.StructuredLogger (>= 2.1.176)
    Fake.DotNet.NuGet (5.20.3)
      Fake.Core.Environment (>= 5.20.3)
      Fake.Core.Process (>= 5.20.3)
      Fake.Core.SemVer (>= 5.20.3)
      Fake.Core.String (>= 5.20.3)
      Fake.Core.Tasks (>= 5.20.3)
      Fake.Core.Trace (>= 5.20.3)
      Fake.Core.Xml (>= 5.20.3)
      Fake.IO.FileSystem (>= 5.20.3)
      Fake.Net.Http (>= 5.20.3)
      FSharp.Core (>= 4.7.2)
      Newtonsoft.Json (>= 12.0.3)
      NuGet.Protocol (>= 5.6)
    Fake.DotNet.Paket (5.20.3)
      Fake.Core.Process (>= 5.20.3)
      Fake.Core.String (>= 5.20.3)
      Fake.Core.Trace (>= 5.20.3)
      Fake.DotNet.Cli (>= 5.20.3)
      Fake.IO.FileSystem (>= 5.20.3)
      FSharp.Core (>= 4.7.2)
    Fake.IO.FileSystem (5.20.3)
      Fake.Core.String (>= 5.20.3)
      FSharp.Core (>= 4.7.2)
    Fake.Net.Http (5.20.3)
      Fake.Core.Trace (>= 5.20.3)
      FSharp.Core (>= 4.7.2)
    Fake.Tools.Git (5.20.3)
      Fake.Core.Environment (>= 5.20.3)
      Fake.Core.Process (>= 5.20.3)
      Fake.Core.SemVer (>= 5.20.3)
      Fake.Core.String (>= 5.20.3)
      Fake.Core.Trace (>= 5.20.3)
      Fake.IO.FileSystem (>= 5.20.3)
      FSharp.Core (>= 4.7.2)
    FParsec (1.1.1)
      FSharp.Core (>= 4.3.4)
    FSharp.Control.Reactive (4.4.2)
      FSharp.Core (>= 4.7.2)
      System.Reactive (>= 4.4.1)
    FSharp.Core (5.0)
    Microsoft.Build (16.8)
    Microsoft.Build.Framework (16.8)
      System.Security.Permissions (>= 4.7)
    Microsoft.Build.Tasks.Core (16.8)
      Microsoft.Build.Framework (>= 16.8)
      Microsoft.Build.Utilities.Core (>= 16.8)
      Microsoft.Win32.Registry (>= 4.3)
      System.CodeDom (>= 4.4)
      System.Collections.Immutable (>= 1.5)
      System.Reflection.Metadata (>= 1.6)
      System.Reflection.TypeExtensions (>= 4.1)
      System.Resources.Extensions (>= 4.6)
      System.Runtime.InteropServices (>= 4.3)
      System.Security.Cryptography.Pkcs (>= 4.7)
      System.Security.Cryptography.Xml (>= 4.7)
      System.Security.Permissions (>= 4.7)
      System.Threading.Tasks.Dataflow (>= 4.9)
    Microsoft.Build.Utilities.Core (16.8)
      Microsoft.Build.Framework (>= 16.8)
      Microsoft.Win32.Registry (>= 4.3)
      System.Collections.Immutable (>= 1.5)
      System.Security.Permissions (>= 4.7)
      System.Text.Encoding.CodePages (>= 4.0.1)
    Microsoft.NETCore.Platforms (5.0)
    Microsoft.NETCore.Targets (5.0)
    Microsoft.Win32.Registry (5.0)
      System.Buffers (>= 4.5.1)
      System.Memory (>= 4.5.4)
      System.Security.AccessControl (>= 5.0)
      System.Security.Principal.Windows (>= 5.0)
    Mono.Cecil (0.11.3)
    Mono.Posix.NETStandard (1.0)
    MSBuild.StructuredLogger (2.1.215)
      Microsoft.Build (>= 16.4)
      Microsoft.Build.Framework (>= 16.4)
      Microsoft.Build.Tasks.Core (>= 16.4)
      Microsoft.Build.Utilities.Core (>= 16.4)
    NETStandard.Library (2.0.3)
      Microsoft.NETCore.Platforms (>= 1.1)
    Newtonsoft.Json (12.0.3)
    NuGet.Common (5.8)
      NuGet.Frameworks (>= 5.8)
    NuGet.Configuration (5.8)
      NuGet.Common (>= 5.8)
      System.Security.Cryptography.ProtectedData (>= 4.4)
    NuGet.Frameworks (5.8)
    NuGet.Packaging (5.8)
      Newtonsoft.Json (>= 9.0.1)
      NuGet.Configuration (>= 5.8)
      NuGet.Versioning (>= 5.8)
      System.Security.Cryptography.Cng (>= 5.0.0-preview.3.20214.6)
      System.Security.Cryptography.Pkcs (>= 5.0.0-preview.3.20214.6)
    NuGet.Protocol (5.8)
      NuGet.Packaging (>= 5.8)
    NuGet.Versioning (5.8)
    NUglify (1.11.4)
    Paket.Core (5.230)
      Chessie (>= 0.6)
      Mono.Cecil (>= 0.10.0-beta6)
      Newtonsoft.Json (>= 10.0.3)
      System.Net.Http.WinHttpHandler (>= 4.5)
      System.Security.Cryptography.ProtectedData (>= 4.4)
    System.Buffers (4.5.1)
    System.CodeDom (5.0)
    System.Collections.Immutable (5.0)
      System.Memory (>= 4.5.4)
    System.Formats.Asn1 (5.0)
      System.Buffers (>= 4.5.1)
      System.Memory (>= 4.5.4)
    System.IO (4.3)
      Microsoft.NETCore.Platforms (>= 1.1)
      Microsoft.NETCore.Targets (>= 1.1)
      System.Runtime (>= 4.3)
      System.Text.Encoding (>= 4.3)
      System.Threading.Tasks (>= 4.3)
    System.Memory (4.5.4)
      System.Buffers (>= 4.5.1)
      System.Numerics.Vectors (>= 4.4)
      System.Runtime.CompilerServices.Unsafe (>= 4.5.3)
    System.Net.Http.WinHttpHandler (5.0)
      System.Buffers (>= 4.5.1)
      System.Memory (>= 4.5.4)
    System.Numerics.Vectors (4.5)
    System.Reactive (5.0)
      System.Runtime.InteropServices.WindowsRuntime (>= 4.3)
      System.Threading.Tasks.Extensions (>= 4.5.4)
    System.Reflection (4.3)
      Microsoft.NETCore.Platforms (>= 1.1)
      Microsoft.NETCore.Targets (>= 1.1)
      System.IO (>= 4.3)
      System.Reflection.Primitives (>= 4.3)
      System.Runtime (>= 4.3)
    System.Reflection.Metadata (5.0)
      System.Collections.Immutable (>= 5.0)
    System.Reflection.Primitives (4.3)
      Microsoft.NETCore.Platforms (>= 1.1)
      Microsoft.NETCore.Targets (>= 1.1)
      System.Runtime (>= 4.3)
    System.Reflection.TypeExtensions (4.7)
    System.Resources.Extensions (5.0)
      System.Memory (>= 4.5.4)
    System.Runtime (4.3.1)
      Microsoft.NETCore.Platforms (>= 1.1.1)
      Microsoft.NETCore.Targets (>= 1.1.3)
    System.Runtime.CompilerServices.Unsafe (5.0)
    System.Runtime.Handles (4.3)
      Microsoft.NETCore.Platforms (>= 1.1)
      Microsoft.NETCore.Targets (>= 1.1)
      System.Runtime (>= 4.3)
    System.Runtime.InteropServices (4.3)
      Microsoft.NETCore.Platforms (>= 1.1)
      Microsoft.NETCore.Targets (>= 1.1)
      System.Reflection (>= 4.3)
      System.Reflection.Primitives (>= 4.3)
      System.Runtime (>= 4.3)
      System.Runtime.Handles (>= 4.3)
    System.Runtime.InteropServices.WindowsRuntime (4.3)
      System.Runtime (>= 4.3)
    System.Security.AccessControl (5.0)
      System.Security.Principal.Windows (>= 5.0)
    System.Security.Cryptography.Cng (5.0)
    System.Security.Cryptography.Pkcs (5.0)
      System.Buffers (>= 4.5.1)
      System.Formats.Asn1 (>= 5.0)
      System.Memory (>= 4.5.4)
      System.Security.Cryptography.Cng (>= 5.0)
    System.Security.Cryptography.ProtectedData (5.0)
      System.Memory (>= 4.5.4)
    System.Security.Cryptography.Xml (5.0)
      System.Memory (>= 4.5.4)
      System.Security.Cryptography.Pkcs (>= 5.0)
      System.Security.Permissions (>= 5.0)
    System.Security.Permissions (5.0)
      System.Security.AccessControl (>= 5.0)
    System.Security.Principal.Windows (5.0)
    System.Text.Encoding (4.3)
      Microsoft.NETCore.Platforms (>= 1.1)
      Microsoft.NETCore.Targets (>= 1.1)
      System.Runtime (>= 4.3)
    System.Text.Encoding.CodePages (5.0)
      System.Runtime.CompilerServices.Unsafe (>= 5.0)
    System.Threading.Tasks (4.3)
      Microsoft.NETCore.Platforms (>= 1.1)
      Microsoft.NETCore.Targets (>= 1.1)
      System.Runtime (>= 4.3)
    System.Threading.Tasks.Dataflow (5.0)
    System.Threading.Tasks.Extensions (4.5.4)
      System.Runtime.CompilerServices.Unsafe (>= 4.5.3)

GROUP testnetcore21
STORAGE: NONE
RESTRICTION: == netcoreapp2.1
NUGET
  remote: https://api.nuget.org/v3/index.json
    Microsoft.AspNetCore (2.1)
      Microsoft.AspNetCore.Diagnostics (>= 2.1)
      Microsoft.AspNetCore.HostFiltering (>= 2.1)
      Microsoft.AspNetCore.Hosting (>= 2.1)
      Microsoft.AspNetCore.Routing (>= 2.1)
      Microsoft.AspNetCore.Server.IISIntegration (>= 2.1)
      Microsoft.AspNetCore.Server.Kestrel (>= 2.1)
      Microsoft.AspNetCore.Server.Kestrel.Https (>= 2.1)
      Microsoft.Extensions.Configuration.CommandLine (>= 2.1)
      Microsoft.Extensions.Configuration.EnvironmentVariables (>= 2.1)
      Microsoft.Extensions.Configuration.FileExtensions (>= 2.1)
      Microsoft.Extensions.Configuration.Json (>= 2.1)
      Microsoft.Extensions.Configuration.UserSecrets (>= 2.1)
      Microsoft.Extensions.Logging (>= 2.1)
      Microsoft.Extensions.Logging.Configuration (>= 2.1)
      Microsoft.Extensions.Logging.Console (>= 2.1)
      Microsoft.Extensions.Logging.Debug (>= 2.1)
    Microsoft.AspNetCore.Authentication (2.2)
      Microsoft.AspNetCore.Authentication.Core (>= 2.2)
      Microsoft.AspNetCore.DataProtection (>= 2.2)
      Microsoft.AspNetCore.Http (>= 2.2)
      Microsoft.AspNetCore.Http.Extensions (>= 2.2)
      Microsoft.Extensions.Logging.Abstractions (>= 2.2)
      Microsoft.Extensions.Options (>= 2.2)
      Microsoft.Extensions.WebEncoders (>= 2.2)
    Microsoft.AspNetCore.Authentication.Abstractions (2.2)
      Microsoft.AspNetCore.Http.Abstractions (>= 2.2)
      Microsoft.Extensions.Logging.Abstractions (>= 2.2)
      Microsoft.Extensions.Options (>= 2.2)
    Microsoft.AspNetCore.Authentication.Cookies (2.1)
      Microsoft.AspNetCore.Authentication (>= 2.1)
    Microsoft.AspNetCore.Authentication.Core (2.2)
      Microsoft.AspNetCore.Authentication.Abstractions (>= 2.2)
      Microsoft.AspNetCore.Http (>= 2.2)
      Microsoft.AspNetCore.Http.Extensions (>= 2.2)
    Microsoft.AspNetCore.Connections.Abstractions (5.0)
      Microsoft.AspNetCore.Http.Features (>= 5.0)
      Microsoft.Bcl.AsyncInterfaces (>= 1.0)
    Microsoft.AspNetCore.Cryptography.Internal (5.0)
    Microsoft.AspNetCore.DataProtection (5.0)
      Microsoft.AspNetCore.Cryptography.Internal (>= 5.0)
      Microsoft.AspNetCore.DataProtection.Abstractions (>= 5.0)
      Microsoft.Extensions.DependencyInjection.Abstractions (>= 5.0)
      Microsoft.Extensions.Hosting.Abstractions (>= 5.0)
      Microsoft.Extensions.Logging.Abstractions (>= 5.0)
      Microsoft.Extensions.Options (>= 5.0)
      Microsoft.Win32.Registry (>= 5.0)
      System.Security.Cryptography.Xml (>= 5.0)
      System.Security.Principal.Windows (>= 5.0)
    Microsoft.AspNetCore.DataProtection.Abstractions (5.0)
    Microsoft.AspNetCore.Diagnostics (2.2)
      Microsoft.AspNetCore.Diagnostics.Abstractions (>= 2.2)
      Microsoft.AspNetCore.Hosting.Abstractions (>= 2.2)
      Microsoft.AspNetCore.Http.Extensions (>= 2.2)
      Microsoft.AspNetCore.WebUtilities (>= 2.2)
      Microsoft.Extensions.FileProviders.Physical (>= 2.2)
      Microsoft.Extensions.Logging.Abstractions (>= 2.2)
      Microsoft.Extensions.Options (>= 2.2)
      System.Diagnostics.DiagnosticSource (>= 4.5)
      System.Reflection.Metadata (>= 1.6)
    Microsoft.AspNetCore.Diagnostics.Abstractions (2.2)
    Microsoft.AspNetCore.HostFiltering (2.2)
      Microsoft.AspNetCore.Hosting.Abstractions (>= 2.2)
      Microsoft.AspNetCore.Http (>= 2.2)
      Microsoft.AspNetCore.Http.Extensions (>= 2.2)
      Microsoft.Extensions.Options (>= 2.2)
    Microsoft.AspNetCore.Hosting (2.2.7)
      Microsoft.AspNetCore.Hosting.Abstractions (>= 2.2)
      Microsoft.AspNetCore.Http (>= 2.2)
      Microsoft.AspNetCore.Http.Extensions (>= 2.2)
      Microsoft.Extensions.Configuration (>= 2.2)
      Microsoft.Extensions.Configuration.EnvironmentVariables (>= 2.2.4)
      Microsoft.Extensions.Configuration.FileExtensions (>= 2.2)
      Microsoft.Extensions.DependencyInjection (>= 2.2)
      Microsoft.Extensions.FileProviders.Physical (>= 2.2)
      Microsoft.Extensions.Hosting.Abstractions (>= 2.2)
      Microsoft.Extensions.Logging (>= 2.2)
      Microsoft.Extensions.Options (>= 2.2)
      System.Diagnostics.DiagnosticSource (>= 4.5.1)
      System.Reflection.Metadata (>= 1.6)
    Microsoft.AspNetCore.Hosting.Abstractions (2.2)
      Microsoft.AspNetCore.Hosting.Server.Abstractions (>= 2.2)
      Microsoft.AspNetCore.Http.Abstractions (>= 2.2)
      Microsoft.Extensions.Hosting.Abstractions (>= 2.2)
    Microsoft.AspNetCore.Hosting.Server.Abstractions (2.2)
      Microsoft.AspNetCore.Http.Features (>= 2.2)
      Microsoft.Extensions.Configuration.Abstractions (>= 2.2)
    Microsoft.AspNetCore.Http (2.2.2)
      Microsoft.AspNetCore.Http.Abstractions (>= 2.2)
      Microsoft.AspNetCore.WebUtilities (>= 2.2)
      Microsoft.Extensions.ObjectPool (>= 2.2)
      Microsoft.Extensions.Options (>= 2.2)
      Microsoft.Net.Http.Headers (>= 2.2)
    Microsoft.AspNetCore.Http.Abstractions (2.2)
      Microsoft.AspNetCore.Http.Features (>= 2.2)
      System.Text.Encodings.Web (>= 4.5)
    Microsoft.AspNetCore.Http.Extensions (2.2)
      Microsoft.AspNetCore.Http.Abstractions (>= 2.2)
      Microsoft.Extensions.FileProviders.Abstractions (>= 2.2)
      Microsoft.Net.Http.Headers (>= 2.2)
      System.Buffers (>= 4.5)
    Microsoft.AspNetCore.Http.Features (5.0)
      Microsoft.Extensions.Primitives (>= 5.0)
      System.IO.Pipelines (>= 5.0)
    Microsoft.AspNetCore.HttpOverrides (2.2)
      Microsoft.AspNetCore.Http.Extensions (>= 2.2)
      Microsoft.Extensions.Logging.Abstractions (>= 2.2)
      Microsoft.Extensions.Options (>= 2.2)
    Microsoft.AspNetCore.Routing (2.2.2)
      Microsoft.AspNetCore.Http.Extensions (>= 2.2)
      Microsoft.AspNetCore.Routing.Abstractions (>= 2.2)
      Microsoft.Extensions.Logging.Abstractions (>= 2.2)
      Microsoft.Extensions.ObjectPool (>= 2.2)
      Microsoft.Extensions.Options (>= 2.2)
    Microsoft.AspNetCore.Routing.Abstractions (2.2)
      Microsoft.AspNetCore.Http.Abstractions (>= 2.2)
    Microsoft.AspNetCore.Server.IISIntegration (2.2.1)
      Microsoft.AspNetCore.Authentication.Core (>= 2.2)
      Microsoft.AspNetCore.Hosting.Abstractions (>= 2.2)
      Microsoft.AspNetCore.Http (>= 2.2)
      Microsoft.AspNetCore.Http.Extensions (>= 2.2)
      Microsoft.AspNetCore.HttpOverrides (>= 2.2)
      Microsoft.Extensions.Logging.Abstractions (>= 2.2)
      Microsoft.Extensions.Options (>= 2.2)
      System.Buffers (>= 4.5)
      System.IO.Pipelines (>= 4.5.2)
      System.Memory (>= 4.5.1)
      System.Numerics.Vectors (>= 4.5)
      System.Runtime.CompilerServices.Unsafe (>= 4.5.1)
      System.Security.Principal.Windows (>= 4.5)
    Microsoft.AspNetCore.Server.Kestrel (2.2)
      Microsoft.AspNetCore.Hosting (>= 2.2)
      Microsoft.AspNetCore.Server.Kestrel.Core (>= 2.2)
      Microsoft.AspNetCore.Server.Kestrel.Https (>= 2.2)
      Microsoft.AspNetCore.Server.Kestrel.Transport.Sockets (>= 2.2)
    Microsoft.AspNetCore.Server.Kestrel.Core (2.2)
      Microsoft.AspNetCore.Hosting.Abstractions (>= 2.2)
      Microsoft.AspNetCore.Http (>= 2.2)
      Microsoft.AspNetCore.Server.Kestrel.Transport.Abstractions (>= 2.2)
      Microsoft.AspNetCore.WebUtilities (>= 2.2)
      Microsoft.Extensions.Configuration.Binder (>= 2.2)
      Microsoft.Extensions.Logging.Abstractions (>= 2.2)
      Microsoft.Extensions.Options (>= 2.2)
      Microsoft.Net.Http.Headers (>= 2.2)
      System.Memory (>= 4.5.1)
      System.Numerics.Vectors (>= 4.5)
      System.Runtime.CompilerServices.Unsafe (>= 4.5.1)
      System.Security.Cryptography.Cng (>= 4.5)
      System.Threading.Tasks.Extensions (>= 4.5.1)
    Microsoft.AspNetCore.Server.Kestrel.Https (2.2)
      Microsoft.AspNetCore.Http.Abstractions (>= 2.2)
      Microsoft.AspNetCore.Server.Kestrel.Core (>= 2.2)
    Microsoft.AspNetCore.Server.Kestrel.Transport.Abstractions (2.2)
      Microsoft.AspNetCore.Connections.Abstractions (>= 2.2)
    Microsoft.AspNetCore.Server.Kestrel.Transport.Sockets (2.2.1)
      Microsoft.AspNetCore.Hosting.Abstractions (>= 2.2)
      Microsoft.AspNetCore.Server.Kestrel.Transport.Abstractions (>= 2.2)
      Microsoft.Extensions.Options (>= 2.2)
    Microsoft.AspNetCore.StaticFiles (2.1)
      Microsoft.AspNetCore.Hosting.Abstractions (>= 2.1)
      Microsoft.AspNetCore.Http.Extensions (>= 2.1)
      Microsoft.Extensions.FileProviders.Abstractions (>= 2.1)
      Microsoft.Extensions.Logging.Abstractions (>= 2.1)
      Microsoft.Extensions.WebEncoders (>= 2.1)
    Microsoft.AspNetCore.WebUtilities (2.2)
      Microsoft.Net.Http.Headers (>= 2.2)
      System.Text.Encodings.Web (>= 4.5)
    Microsoft.Bcl.AsyncInterfaces (5.0)
    Microsoft.Extensions.Configuration (5.0)
      Microsoft.Extensions.Configuration.Abstractions (>= 5.0)
      Microsoft.Extensions.Primitives (>= 5.0)
    Microsoft.Extensions.Configuration.Abstractions (5.0)
      Microsoft.Extensions.Primitives (>= 5.0)
    Microsoft.Extensions.Configuration.Binder (5.0)
      Microsoft.Extensions.Configuration.Abstractions (>= 5.0)
    Microsoft.Extensions.Configuration.CommandLine (5.0)
      Microsoft.Extensions.Configuration (>= 5.0)
      Microsoft.Extensions.Configuration.Abstractions (>= 5.0)
    Microsoft.Extensions.Configuration.EnvironmentVariables (5.0)
      Microsoft.Extensions.Configuration (>= 5.0)
      Microsoft.Extensions.Configuration.Abstractions (>= 5.0)
    Microsoft.Extensions.Configuration.FileExtensions (5.0)
      Microsoft.Extensions.Configuration (>= 5.0)
      Microsoft.Extensions.Configuration.Abstractions (>= 5.0)
      Microsoft.Extensions.FileProviders.Abstractions (>= 5.0)
      Microsoft.Extensions.FileProviders.Physical (>= 5.0)
      Microsoft.Extensions.Primitives (>= 5.0)
    Microsoft.Extensions.Configuration.Json (5.0)
      Microsoft.Extensions.Configuration (>= 5.0)
      Microsoft.Extensions.Configuration.Abstractions (>= 5.0)
      Microsoft.Extensions.Configuration.FileExtensions (>= 5.0)
      Microsoft.Extensions.FileProviders.Abstractions (>= 5.0)
      System.Text.Json (>= 5.0)
    Microsoft.Extensions.Configuration.UserSecrets (5.0)
      Microsoft.Extensions.Configuration.Abstractions (>= 5.0)
      Microsoft.Extensions.Configuration.Json (>= 5.0)
      Microsoft.Extensions.FileProviders.Abstractions (>= 5.0)
      Microsoft.Extensions.FileProviders.Physical (>= 5.0)
    Microsoft.Extensions.DependencyInjection (5.0)
      Microsoft.Bcl.AsyncInterfaces (>= 5.0)
      Microsoft.Extensions.DependencyInjection.Abstractions (>= 5.0)
    Microsoft.Extensions.DependencyInjection.Abstractions (5.0)
    Microsoft.Extensions.FileProviders.Abstractions (5.0)
      Microsoft.Extensions.Primitives (>= 5.0)
    Microsoft.Extensions.FileProviders.Physical (5.0)
      Microsoft.Extensions.FileProviders.Abstractions (>= 5.0)
      Microsoft.Extensions.FileSystemGlobbing (>= 5.0)
      Microsoft.Extensions.Primitives (>= 5.0)
    Microsoft.Extensions.FileSystemGlobbing (5.0)
    Microsoft.Extensions.Hosting.Abstractions (5.0)
      Microsoft.Bcl.AsyncInterfaces (>= 5.0)
      Microsoft.Extensions.Configuration.Abstractions (>= 5.0)
      Microsoft.Extensions.DependencyInjection.Abstractions (>= 5.0)
      Microsoft.Extensions.FileProviders.Abstractions (>= 5.0)
    Microsoft.Extensions.Logging (5.0)
      Microsoft.Extensions.DependencyInjection (>= 5.0)
      Microsoft.Extensions.DependencyInjection.Abstractions (>= 5.0)
      Microsoft.Extensions.Logging.Abstractions (>= 5.0)
      Microsoft.Extensions.Options (>= 5.0)
      System.Diagnostics.DiagnosticSource (>= 5.0)
    Microsoft.Extensions.Logging.Abstractions (5.0)
    Microsoft.Extensions.Logging.Configuration (5.0)
      Microsoft.Extensions.Configuration (>= 5.0)
      Microsoft.Extensions.Configuration.Abstractions (>= 5.0)
      Microsoft.Extensions.Configuration.Binder (>= 5.0)
      Microsoft.Extensions.DependencyInjection.Abstractions (>= 5.0)
      Microsoft.Extensions.Logging (>= 5.0)
      Microsoft.Extensions.Logging.Abstractions (>= 5.0)
      Microsoft.Extensions.Options (>= 5.0)
      Microsoft.Extensions.Options.ConfigurationExtensions (>= 5.0)
    Microsoft.Extensions.Logging.Console (5.0)
      Microsoft.Extensions.Configuration.Abstractions (>= 5.0)
      Microsoft.Extensions.DependencyInjection.Abstractions (>= 5.0)
      Microsoft.Extensions.Logging (>= 5.0)
      Microsoft.Extensions.Logging.Abstractions (>= 5.0)
      Microsoft.Extensions.Logging.Configuration (>= 5.0)
      Microsoft.Extensions.Options (>= 5.0)
      Microsoft.Extensions.Options.ConfigurationExtensions (>= 5.0)
      System.Text.Json (>= 5.0)
    Microsoft.Extensions.Logging.Debug (5.0)
      Microsoft.Extensions.DependencyInjection.Abstractions (>= 5.0)
      Microsoft.Extensions.Logging (>= 5.0)
      Microsoft.Extensions.Logging.Abstractions (>= 5.0)
    Microsoft.Extensions.ObjectPool (5.0)
    Microsoft.Extensions.Options (5.0)
      Microsoft.Extensions.DependencyInjection.Abstractions (>= 5.0)
      Microsoft.Extensions.Primitives (>= 5.0)
    Microsoft.Extensions.Options.ConfigurationExtensions (5.0)
      Microsoft.Extensions.Configuration.Abstractions (>= 5.0)
      Microsoft.Extensions.Configuration.Binder (>= 5.0)
      Microsoft.Extensions.DependencyInjection.Abstractions (>= 5.0)
      Microsoft.Extensions.Options (>= 5.0)
      Microsoft.Extensions.Primitives (>= 5.0)
    Microsoft.Extensions.Primitives (5.0)
      System.Runtime.CompilerServices.Unsafe (>= 5.0)
    Microsoft.Extensions.WebEncoders (5.0)
      Microsoft.Extensions.DependencyInjection.Abstractions (>= 5.0)
      Microsoft.Extensions.Options (>= 5.0)
      System.Text.Encodings.Web (>= 5.0)
    Microsoft.Net.Http.Headers (2.2.8)
      Microsoft.Extensions.Primitives (>= 2.2)
      System.Buffers (>= 4.5)
    Microsoft.NETCore.Platforms (5.0)
    Microsoft.Win32.Registry (5.0)
      System.Security.AccessControl (>= 5.0)
      System.Security.Principal.Windows (>= 5.0)
    System.Buffers (4.5.1)
    System.Collections.Immutable (5.0)
    System.Diagnostics.DiagnosticSource (5.0)
      System.Runtime.CompilerServices.Unsafe (>= 5.0)
    System.IO.Pipelines (5.0)
    System.Memory (4.5.4)
    System.Numerics.Vectors (4.5)
    System.Reflection.Metadata (5.0)
      System.Collections.Immutable (>= 5.0)
    System.Runtime.CompilerServices.Unsafe (5.0)
    System.Security.AccessControl (5.0)
      Microsoft.NETCore.Platforms (>= 5.0)
      System.Security.Principal.Windows (>= 5.0)
    System.Security.Cryptography.Cng (5.0)
    System.Security.Cryptography.Pkcs (5.0)
      System.Security.Cryptography.Cng (>= 5.0)
    System.Security.Cryptography.Xml (5.0)
      System.Security.Cryptography.Pkcs (>= 5.0)
      System.Security.Permissions (>= 5.0)
    System.Security.Permissions (5.0)
      System.Security.AccessControl (>= 5.0)
    System.Security.Principal.Windows (5.0)
      Microsoft.NETCore.Platforms (>= 5.0)
    System.Text.Encodings.Web (5.0)
    System.Text.Json (5.0)
      Microsoft.Bcl.AsyncInterfaces (>= 5.0)
      System.Runtime.CompilerServices.Unsafe (>= 5.0)
      System.Text.Encodings.Web (>= 5.0)
    System.Threading.Tasks.Extensions (4.5.4)

GROUP testws
STORAGE: NONE
RESTRICTION: || (== netcoreapp2.1) (== netcoreapp3.1)
NUGET
  remote: https://api.nuget.org/v3/index.json
    FSharp.Core (5.0)
    HtmlAgilityPack (1.11.28)
  remote: https://daily.websharper.com/nuget
    WebSharper (4.7.0.423)
      FSharp.Core (>= 4.2.3)
    WebSharper.CSharp (4.7.0.423)
      WebSharper (4.7.0.423)
    WebSharper.FSharp (4.7.0.423)
      WebSharper (4.7.0.423)
    WebSharper.UI (4.7.0.231)
      HtmlAgilityPack (>= 1.7.1)
      WebSharper (>= 4.7 < 4.8)
    WebSharper.UI.CSharp (4.7.0.231)
      WebSharper (>= 4.7 < 4.8)
      WebSharper.UI (4.7.0.231)

GROUP wsbuild

GIT
  remote: https://github.com/dotnet-websharper/build-script
     (c4e21042c178410463620fecd38b9e1064c91c33)